GEM
  remote: https://rubygems.org/
  specs:
    rack (3.1.12)

PLATFORMS
  ruby

DEPENDENCIES
  rack

BUNDLED WITH
   2.1.4
